GEM
  remote: https://rubygems.org/
  specs:
    forwardable (1.3.2)
    prime (0.1.2)
      forwardable
      singleton
    singleton (0.1.1)

PLATFORMS
  x86_64-darwin-19

DEPENDENCIES
  prime

BUNDLED WITH
   2.2.7
